GEM
  remote: http://rubygems.org/
  specs:
    commander (4.1.2)
      highline (~> 1.6.11)
    highline (1.6.15)
    hpricot (0.8.6)
    listen (0.5.3)
    systemu (2.5.2)
    term-ansicolor (1.0.7)
    terminal-notifier (1.4.2)

PLATFORMS
  ruby

DEPENDENCIES
  commander
  hpricot
  listen
  systemu
  term-ansicolor
  terminal-notifier
