GEM
  remote: http://rubygems.org/
  specs:
    listen (0.5.3)
    systemu (2.5.2)
    term-ansicolor (1.0.7)
    terminal-notifier (1.4.2)

PLATFORMS
  ruby

DEPENDENCIES
  listen
  systemu
  term-ansicolor
  terminal-notifier
